GEM
  remote: http://rubygems.org/
  specs:
    actionmailer (2.3.18)
      actionpack (= 2.3.18)
    actionpack (2.3.18)
      activesupport (= 2.3.18)
      rack (~> 1.1.0)
    activerecord (2.3.18)
      activesupport (= 2.3.18)
    activerecord-postgresql-adapter (0.0.1)
      pg
    activeresource (2.3.18)
      activesupport (= 2.3.18)
    activesupport (2.3.18)
    authlogic (2.1.3)
      activesupport
    cancan (1.3.4)
    database_cleaner (1.4.1)
    factory_girl (2.6.4)
      activesupport (>= 2.3.9)
    formtastic (0.9.7)
      actionpack (>= 2.3.0)
      activesupport (>= 2.3.0)
    hoe (3.13.1)
      rake (>= 0.8, < 11.0)
    pg (0.17.1)
    rack (1.1.6)
    rails (2.3.18)
      actionmailer (= 2.3.18)
      actionpack (= 2.3.18)
      activerecord (= 2.3.18)
      activeresource (= 2.3.18)
      activesupport (= 2.3.18)
      rake (>= 0.8.3)
    rake (0.9.2.2)
    rspec (1.2.9)
    rspec-rails (1.2.9)
      rack (>= 1.0.0)
      rspec (>= 1.2.9)
    searchlogic (2.4.14)
      activerecord (>= 2.0.0)
    sqlite3 (1.3.10)
    test-unit (1.2.3)
      hoe (>= 1.5.1)
    will_paginate (2.3.12)

PLATFORMS
  ruby

DEPENDENCIES
  activerecord-postgresql-adapter
  authlogic (= 2.1.3)
  cancan (= 1.3.4)
  database_cleaner
  factory_girl (= 2.6.4)
  formtastic (= 0.9.7)
  pg (= 0.17.1)
  rails (= 2.3.18)
  rake (= 0.9.2.2)
  rspec-rails (= 1.2.9)
  searchlogic (= 2.4.14)
  sqlite3
  test-unit (= 1.2.3)
  will_paginate (= 2.3.12)
